GEM
  remote: https://rubygems.org/
  specs:
    ansi (1.5.0)
    hashie (5.0.0)
    itamae (1.12.4)
      ansi
      hashie
      schash (~> 0.1.0)
      specinfra (>= 2.64.0, < 3.0.0)
      thor
    net-scp (3.0.0)
      net-ssh (>= 2.6.5, < 7.0.0)
    net-ssh (6.1.0)
    net-telnet (0.1.1)
    schash (0.1.2)
    sfl (2.3)
    specinfra (2.83.1)
      net-scp
      net-ssh (>= 2.7)
      net-telnet (= 0.1.1)
      sfl
    thor (1.1.0)

PLATFORMS
  x86_64-linux

DEPENDENCIES
  itamae

BUNDLED WITH
   2.2.26
